GEM
  remote: https://rubygems.org/
  specs:
    auto_tagger (0.2.11)
      capistrano (>= 2.5.3, <= 2.14.2)
    capistrano (2.14.2)
      highline
      net-scp (>= 1.0.0)
      net-sftp (>= 2.0.0)
      net-ssh (>= 2.0.14)
      net-ssh-gateway (>= 1.1.0)
    capistrano-ext (1.2.1)
      capistrano (>= 1.0.0)
    highline (2.0.2)
    net-scp (2.0.0)
      net-ssh (>= 2.6.5, < 6.0.0)
    net-sftp (2.1.2)
      net-ssh (>= 2.6.5)
    net-ssh (5.2.0)
    net-ssh-gateway (2.0.0)
      net-ssh (>= 4.0.0)

PLATFORMS
  ruby

DEPENDENCIES
  auto_tagger (~> 0.2.7)
  capistrano (~> 2.14.2)
  capistrano-ext

BUNDLED WITH
   2.0.1
